GEM
  remote: http://rubygems.org/
  specs:
    activemodel (3.0.4)
      activesupport (= 3.0.4)
      builder (~> 2.1.2)
      i18n (~> 0.4)
    activerecord (3.0.4)
      activemodel (= 3.0.4)
      activesupport (= 3.0.4)
      arel (~> 2.0.2)
      tzinfo (~> 0.3.23)
    activesupport (3.0.4)
    arel (2.0.9)
    builder (2.1.2)
    googleajax (1.0.1)
      json (>= 1.0.0)
    i18n (0.5.0)
    json (1.5.5)
    pg (0.14.0)
    rack (1.2.2)
    sinatra (1.2.1)
      rack (~> 1.1)
      tilt (>= 1.2.2, < 2.0)
    sinatra-activerecord (0.1.3)
      sinatra (>= 0.9.4)
    sqlite3 (1.3.6)
    tilt (1.2.2)
    tzinfo (0.3.25)

PLATFORMS
  ruby

DEPENDENCIES
  activerecord
  googleajax
  json (= 1.5.5)
  pg
  sinatra
  sinatra-activerecord
  sqlite3
